GEM
  remote: http://rubygems.org/
  specs:
    crack (0.3.1)
    json (1.5.3)
    nokogiri (1.5.0)
    rack (1.3.2)
    sinatra (1.2.6)
      rack (~> 1.1)
      tilt (>= 1.2.2, < 2.0)
    tilt (1.3.2)

PLATFORMS
  ruby

DEPENDENCIES
  crack
  json
  nokogiri
  sinatra
